GEM
  remote: http://rubygems.org/
  specs:
    fat_fingers (0.1.12)
    mail (2.7.1)
      mini_mime (>= 0.1.1)
    mini_mime (1.0.2)
    pony (1.4)
      mail (> 2.0)
    rack (1.6.13)
    rack-protection (1.5.5)
      rack
    sinatra (1.3.5)
      rack (~> 1.4)
      rack-protection (~> 1.3)
      tilt (~> 1.3, >= 1.3.3)
    tilt (1.3.3)

PLATFORMS
  ruby

DEPENDENCIES
  fat_fingers
  pony
  sinatra
