GEM
  remote: http://rubygems.org/
  specs:
    fat_fingers (0.1.12)
    i18n (0.6.1)
    mail (2.5.3)
      i18n (>= 0.4.0)
      mime-types (~> 1.16)
      treetop (~> 1.4.8)
    mime-types (1.21)
    polyglot (0.3.3)
    pony (1.4)
      mail (> 2.0)
    rack (1.6.12)
    rack-protection (1.3.2)
      rack
    sinatra (1.3.5)
      rack (~> 1.4)
      rack-protection (~> 1.3)
      tilt (~> 1.3, >= 1.3.3)
    tilt (1.3.3)
    treetop (1.4.12)
      polyglot
      polyglot (>= 0.3.1)

PLATFORMS
  ruby

DEPENDENCIES
  fat_fingers
  pony
  sinatra
